PATH
  remote: .
  specs:
    savanna-outliers (0.0.1)

GEM
  remote: http://rubygems.org/
  specs:
    descriptive_statistics (1.1.2)
    diff-lcs (1.2.4)
    rake (10.1.0)
    rspec (2.14.1)
      rspec-core (~> 2.14.0)
      rspec-expectations (~> 2.14.0)
      rspec-mocks (~> 2.14.0)
    rspec-core (2.14.5)
    rspec-expectations (2.14.2)
      diff-lcs (>= 1.1.3, < 2.0)
    rspec-mocks (2.14.3)
    statistics2 (0.54)

PLATFORMS
  ruby

DEPENDENCIES
  bundler
  descriptive_statistics
  rake
  rspec
  savanna-outliers!
  statistics2
